GIT
  remote: git://github.com/matid/maxent_string_classifier.git
  revision: d35b8e797b6f055b84b904bfba639d9c8f290160
  specs:
    maxent_string_classifier (0.2.0)

GEM
  remote: http://rubygems.org/
  specs:
    activemodel (3.0.3)
      activesupport (= 3.0.3)
      builder (~> 2.1.2)
      i18n (~> 0.4)
    activerecord (3.0.3)
      activemodel (= 3.0.3)
      activesupport (= 3.0.3)
      arel (~> 2.0.2)
      tzinfo (~> 0.3.23)
    activesupport (3.0.3)
    addressable (2.2.2)
    ankusa (0.0.8)
      fast-stemmer (>= 1.0.0)
    arel (2.0.6)
    builder (2.1.2)
    colorize (0.5.8)
    eluka (0.1.1)
      ferret
    faraday (0.5.3)
      addressable (~> 2.2.2)
      multipart-post (~> 1.0.1)
      rack (>= 1.1.0, < 2)
    faraday_middleware (0.3.1)
      faraday (~> 0.5.3)
    fast-stemmer (1.0.0)
    ferret (0.11.8.1)
      rake
    ffi (1.0.4)
      rake (>= 0.8.7)
    ffi (1.0.4-java)
    hashie (0.4.0)
    i18n (0.5.0)
    multi_json (0.0.5)
    multi_xml (0.2.0)
    multipart-post (1.0.1)
    rack (1.2.1)
    rake (0.8.7)
    simple_oauth (0.1.3)
    sqlite3 (0.1.1)
      ffi (>= 0.6.3)
    twitter (1.0.0)
      faraday (~> 0.5.3)
      faraday_middleware (~> 0.3.0)
      hashie (~> 0.4.0)
      multi_json (~> 0.0.5)
      multi_xml (~> 0.2.0)
      simple_oauth (~> 0.1.2)
    tzinfo (0.3.23)

PLATFORMS
  java
  ruby

DEPENDENCIES
  activerecord (~> 3.0)
  ankusa
  colorize
  eluka
  maxent_string_classifier!
  sqlite3
  twitter (~> 1.0.0.rc)
